PATH
  remote: .
  specs:
    intercom-rails (0.0.2)
      activesupport (> 3.0)

GEM
  remote: http://rubygems.org/
  specs:
    activesupport (3.2.2)
      i18n (~> 0.6)
      multi_json (~> 1.0)
    i18n (0.6.0)
    minitest (1.6.0)
    multi_json (1.1.0)
    rake (0.9.2.2)

PLATFORMS
  ruby

DEPENDENCIES
  intercom-rails!
  minitest
  rake
